PATH
  remote: .
  specs:
    rack-amqp-curl (0.0.0)
      rack-amqp-client

PATH
  remote: ../rack-amqp-client
  specs:
    rack-amqp-client (0.0.1)
      amqp

GEM
  remote: https://rubygems.org/
  specs:
    amq-protocol (1.9.0)
    amqp (1.1.6)
      amq-protocol (>= 1.9.0)
      eventmachine
    eventmachine (1.0.3)
    httparty (0.12.0)
      json (~> 1.8)
      multi_xml (>= 0.5.2)
    json (1.8.1)
    multi_xml (0.5.5)
    rake (10.1.0)

PLATFORMS
  ruby

DEPENDENCIES
  bundler (~> 1.3)
  httparty
  rack-amqp-client!
  rack-amqp-curl!
  rake
